GEM
  remote: http://rubygems.org/
  specs:
    rake (0.9.2)
    rcov (0.9.9)
    rdoc (3.9.4)
    shoulda (2.11.3)

PLATFORMS
  ruby

DEPENDENCIES
  bundler (~> 1.0.0)
  rake
  rcov
  rdoc
  shoulda
