GEM
  remote: http://rubygems.org/
  specs:
    rcov (0.9.9)
    shoulda (2.11.3)

PLATFORMS
  ruby

DEPENDENCIES
  bundler (~> 1.0.0)
  rcov
  shoulda
